GEM
  remote: https://rubygems.org/
  specs:
    actionmailer (3.2.8)
      actionpack (= 3.2.8)
      mail (~> 2.4.4)
    actionpack (3.2.8)
      activemodel (= 3.2.8)
      activesupport (= 3.2.8)
      builder (~> 3.0.0)
      erubis (~> 2.7.0)
      journey (~> 1.0.4)
      rack (~> 1.4.0)
      rack-cache (~> 1.2)
      rack-test (~> 0.6.1)
      sprockets (~> 2.1.3)
    activemodel (3.2.8)
      activesupport (= 3.2.8)
      builder (~> 3.0.0)
    activerecord (3.2.8)
      activemodel (= 3.2.8)
      activesupport (= 3.2.8)
      arel (~> 3.0.2)
      tzinfo (~> 0.3.29)
    activeresource (3.2.8)
      activemodel (= 3.2.8)
      activesupport (= 3.2.8)
    activesupport (3.2.8)
      i18n (~> 0.6)
      multi_json (~> 1.0)
    acts-as-taggable-on (2.3.3)
      rails (~> 3.0)
    addressable (2.3.2)
    arel (3.0.2)
    bcrypt-ruby (3.0.1)
    bootstrap-sass (2.0.4.0)
    bootstrap-will_paginate (0.0.6)
      will_paginate
    builder (3.0.4)
    capybara (1.1.2)
      mime-types (>= 1.16)
      nokogiri (>= 1.3.3)
      rack (>= 1.0.0)
      rack-test (>= 0.5.4)
      selenium-webdriver (~> 2.0)
      xpath (~> 0.1.4)
    childprocess (0.3.6)
      ffi (~> 1.0, >= 1.0.6)
    coderay (1.0.8)
    coffee-rails (3.2.2)
      coffee-script (>= 2.2.0)
      railties (~> 3.2.0)
    coffee-script (2.2.0)
      coffee-script-source
      execjs
    coffee-script-source (1.4.0)
    diff-lcs (1.1.3)
    erubis (2.7.0)
    execjs (1.4.0)
      multi_json (~> 1.0)
    factory_girl (4.1.0)
      activesupport (>= 3.0.0)
    factory_girl_rails (4.1.0)
      factory_girl (~> 4.1.0)
      railties (>= 3.0.0)
    faker (1.0.1)
      i18n (~> 0.4)
    ffi (1.2.0)
    guard (1.5.4)
      listen (>= 0.4.2)
      lumberjack (>= 1.0.2)
      pry (>= 0.9.10)
      thor (>= 0.14.6)
    guard-rspec (1.2.1)
      guard (>= 1.1)
    guard-spork (1.2.0)
      childprocess
      guard (>= 1.1)
      spork (>= 0.8.4)
      sys-proctable
    haml (3.1.7)
    hike (1.2.1)
    i18n (0.6.1)
    journey (1.0.4)
    jquery-fileupload-rails (0.4.0)
      actionpack (>= 3.1)
      railties (>= 3.1)
    jquery-rails (2.0.2)
      railties (>= 3.2.0, < 5.0)
      thor (~> 0.14)
    json (1.7.5)
    libwebsocket (0.1.7.1)
      addressable
      websocket
    listen (0.6.0)
    localtunnel (0.3)
      json (>= 1.2.4)
      net-ssh (>= 2.0.22)
      net-ssh-gateway (>= 1.0.1)
    lumberjack (1.0.2)
    mail (2.4.4)
      i18n (>= 0.4.0)
      mime-types (~> 1.16)
      treetop (~> 1.4.8)
    metaclass (0.0.1)
    method_source (0.8.1)
    mime-types (1.19)
    mocha (0.13.1)
      metaclass (~> 0.0.1)
    multi_json (1.4.0)
    net-ssh (2.6.2)
    net-ssh-gateway (1.1.0)
      net-ssh (>= 1.99.1)
    nokogiri (1.5.5)
    pg (0.12.2)
    polyglot (0.3.3)
    pry (0.9.10)
      coderay (~> 1.0.5)
      method_source (~> 0.8)
      slop (~> 3.3.1)
    rack (1.4.1)
    rack-cache (1.2)
      rack (>= 0.4)
    rack-ssl (1.3.2)
      rack
    rack-test (0.6.2)
      rack (>= 1.0)
    rails (3.2.8)
      actionmailer (= 3.2.8)
      actionpack (= 3.2.8)
      activerecord (= 3.2.8)
      activeresource (= 3.2.8)
      activesupport (= 3.2.8)
      bundler (~> 1.0)
      railties (= 3.2.8)
    railties (3.2.8)
      actionpack (= 3.2.8)
      activesupport (= 3.2.8)
      rack-ssl (~> 1.3.2)
      rake (>= 0.8.7)
      rdoc (~> 3.4)
      thor (>= 0.14.6, < 2.0)
    rake (10.0.2)
    rb-fsevent (0.9.1)
    rdoc (3.12)
      json (~> 1.4)
    rspec (2.11.0)
      rspec-core (~> 2.11.0)
      rspec-expectations (~> 2.11.0)
      rspec-mocks (~> 2.11.0)
    rspec-core (2.11.1)
    rspec-expectations (2.11.3)
      diff-lcs (~> 1.1.3)
    rspec-mocks (2.11.2)
    rspec-rails (2.11.0)
      actionpack (>= 3.0)
      activesupport (>= 3.0)
      railties (>= 3.0)
      rspec (~> 2.11.0)
    rubyzip (0.9.9)
    sass (3.2.3)
    sass-rails (3.2.5)
      railties (~> 3.2.0)
      sass (>= 3.1.10)
      tilt (~> 1.3)
    select2-rails (3.2.1)
      thor (~> 0.14)
    selenium-webdriver (2.26.0)
      childprocess (>= 0.2.5)
      libwebsocket (~> 0.1.3)
      multi_json (~> 1.0)
      rubyzip
    slop (3.3.3)
    spork (0.9.2)
    sprockets (2.1.3)
      hike (~> 1.2)
      rack (~> 1.0)
      tilt (~> 1.1, != 1.3.0)
    sqlite3 (1.3.5)
    sys-proctable (0.9.2)
    thor (0.16.0)
    tilt (1.3.3)
    treetop (1.4.12)
      polyglot
      polyglot (>= 0.3.1)
    tzinfo (0.3.35)
    uglifier (1.2.3)
      execjs (>= 0.3.0)
      multi_json (>= 1.0.2)
    websocket (1.0.4)
    will_paginate (3.0.3)
    xpath (0.1.4)
      nokogiri (~> 1.3)

PLATFORMS
  ruby

DEPENDENCIES
  acts-as-taggable-on
  bcrypt-ruby (= 3.0.1)
  bootstrap-sass (= 2.0.4)
  bootstrap-will_paginate (= 0.0.6)
  capybara (= 1.1.2)
  coffee-rails (= 3.2.2)
  factory_girl_rails (= 4.1.0)
  faker (= 1.0.1)
  guard-rspec (= 1.2.1)
  guard-spork (= 1.2.0)
  haml
  jquery-fileupload-rails
  jquery-rails (= 2.0.2)
  localtunnel
  mocha
  pg (= 0.12.2)
  rails (= 3.2.8)
  rb-fsevent (= 0.9.1)
  rspec-rails (= 2.11.0)
  sass-rails (= 3.2.5)
  select2-rails
  spork (= 0.9.2)
  sqlite3 (= 1.3.5)
  uglifier (= 1.2.3)
  will_paginate (= 3.0.3)
